GEM
  remote: https://rubygems.org/
  specs:
    artii (2.1.2)

PLATFORMS
  x86_64-linux

DEPENDENCIES
  artii (~> 2.1)

BUNDLED WITH
   2.2.27
